PATH
  remote: .
  specs:
    schwab (0.1.0)
      faraday (~> 2.0)
      multi_json (~> 1.15)
      oauth2 (~> 2.0)
      sawyer (~> 0.9)

GEM
  remote: https://rubygems.org/
  specs:
    addressable (2.8.7)
      public_suffix (>= 2.0.2, < 7.0)
    ast (2.4.3)
    base64 (0.3.0)
    bigdecimal (3.2.2)
    coderay (1.1.3)
    crack (1.0.0)
      bigdecimal
      rexml
    date (3.4.1)
    diff-lcs (1.6.2)
    docile (1.4.1)
    dotenv (2.8.1)
    erb (5.0.2)
    faraday (2.13.4)
      faraday-net_http (>= 2.0, < 3.5)
      json
      logger
    faraday-net_http (3.4.1)
      net-http (>= 0.5.0)
    hashdiff (1.2.0)
    hashie (5.0.0)
    io-console (0.8.1)
    irb (1.15.2)
      pp (>= 0.6.0)
      rdoc (>= 4.0.0)
      reline (>= 0.4.2)
    json (2.13.2)
    jwt (3.1.2)
      base64
    language_server-protocol (3.17.0.5)
    lint_roller (1.1.0)
    logger (1.7.0)
    method_source (1.1.0)
    multi_json (1.17.0)
    multi_xml (0.7.2)
      bigdecimal (~> 3.1)
    net-http (0.6.0)
      uri
    oauth2 (2.0.12)
      faraday (>= 0.17.3, < 4.0)
      jwt (>= 1.0, < 4.0)
      logger (~> 1.2)
      multi_xml (~> 0.5)
      rack (>= 1.2, < 4)
      snaky_hash (~> 2.0, >= 2.0.3)
      version_gem (>= 1.1.8, < 3)
    parallel (1.27.0)
    parser (3.3.9.0)
      ast (~> 2.4.1)
      racc
    pp (0.6.2)
      prettyprint
    prettyprint (0.2.0)
    prism (1.4.0)
    pry (0.15.2)
      coderay (~> 1.1)
      method_source (~> 1.0)
    psych (5.2.6)
      date
      stringio
    public_suffix (6.0.2)
    racc (1.8.1)
    rack (3.2.0)
    rainbow (3.1.1)
    rake (13.3.0)
    rdoc (6.14.2)
      erb
      psych (>= 4.0.0)
    regexp_parser (2.11.1)
    reline (0.6.2)
      io-console (~> 0.5)
    rexml (3.4.1)
    rspec (3.13.1)
      rspec-core (~> 3.13.0)
      rspec-expectations (~> 3.13.0)
      rspec-mocks (~> 3.13.0)
    rspec-core (3.13.5)
      rspec-support (~> 3.13.0)
    rspec-expectations (3.13.5)
      diff-lcs (>= 1.2.0, < 2.0)
      rspec-support (~> 3.13.0)
    rspec-mocks (3.13.5)
      diff-lcs (>= 1.2.0, < 2.0)
      rspec-support (~> 3.13.0)
    rspec-support (3.13.4)
    rubocop (1.79.2)
      json (~> 2.3)
      language_server-protocol (~> 3.17.0.2)
      lint_roller (~> 1.1.0)
      parallel (~> 1.10)
      parser (>= 3.3.0.2)
      rainbow (>= 2.2.2, < 4.0)
      regexp_parser (>= 2.9.3, < 3.0)
      rubocop-ast (>= 1.46.0, < 2.0)
      ruby-progressbar (~> 1.7)
      unicode-display_width (>= 2.4.0, < 4.0)
    rubocop-ast (1.46.0)
      parser (>= 3.3.7.2)
      prism (~> 1.4)
    rubocop-shopify (2.17.1)
      rubocop (~> 1.62)
    ruby-progressbar (1.13.0)
    sawyer (0.9.2)
      addressable (>= 2.3.5)
      faraday (>= 0.17.3, < 3)
    simplecov (0.22.0)
      docile (~> 1.1)
      simplecov-html (~> 0.11)
      simplecov_json_formatter (~> 0.1)
    simplecov-html (0.13.2)
    simplecov_json_formatter (0.1.4)
    snaky_hash (2.0.3)
      hashie (>= 0.1.0, < 6)
      version_gem (>= 1.1.8, < 3)
    stringio (3.1.7)
    unicode-display_width (3.1.4)
      unicode-emoji (~> 4.0, >= 4.0.4)
    unicode-emoji (4.0.4)
    uri (1.0.3)
    vcr (6.3.1)
      base64
    version_gem (1.1.8)
    webmock (3.25.1)
      addressable (>= 2.8.0)
      crack (>= 0.3.2)
      hashdiff (>= 0.4.0, < 2.0.0)
    yard (0.9.37)

PLATFORMS
  ruby
  x86_64-linux

DEPENDENCIES
  dotenv (~> 2.8)
  irb
  pry (~> 0.14)
  rake (~> 13.0)
  rspec (~> 3.0)
  rubocop (~> 1.21)
  rubocop-shopify
  schwab!
  simplecov (~> 0.22)
  vcr (~> 6.0)
  webmock (~> 3.0)
  yard (~> 0.9)

BUNDLED WITH
   2.6.9
